PATH
  remote: .
  specs:
    adapter-mongo (0.5.4)
      adapter (~> 0.5)
      mongo (~> 1.5)

GEM
  remote: http://rubygems.org/
  specs:
    adapter (0.5.2)
    bson (1.6.2)
    bson_ext (1.6.2)
      bson (~> 1.6.2)
    diff-lcs (1.1.3)
    ffi (1.0.11)
    growl (1.0.3)
    guard (1.0.2)
      ffi (>= 0.5.0)
      thor (~> 0.14.6)
    guard-bundler (0.1.3)
      bundler (>= 1.0.0)
      guard (>= 0.2.2)
    guard-rspec (0.6.0)
      guard (>= 0.10.0)
    mongo (1.6.2)
      bson (~> 1.6.2)
    rake (0.9.2.2)
    rspec (2.9.0)
      rspec-core (~> 2.9.0)
      rspec-expectations (~> 2.9.0)
      rspec-mocks (~> 2.9.0)
    rspec-core (2.9.0)
    rspec-expectations (2.9.1)
      diff-lcs (~> 1.1.3)
    rspec-mocks (2.9.0)
    thor (0.14.6)

PLATFORMS
  ruby

DEPENDENCIES
  adapter-mongo!
  bson_ext (~> 1.6)
  growl (~> 1.0.0)
  guard (~> 1.0.0)
  guard-bundler (~> 0.1.0)
  guard-rspec (~> 0.6.0)
  mongo (~> 1.6)
  rake (~> 0.9.0)
  rspec (~> 2.8)
