PATH
  remote: .
  specs:
    adapter-mongo (0.5.4)
      adapter (~> 0.5)
      mongo (~> 1.5)

GEM
  remote: http://rubygems.org/
  specs:
    activesupport (3.0.3)
    adapter (0.5.2)
    bson (1.5.2)
    bson_ext (1.5.2)
      bson (= 1.5.2)
    diff-lcs (1.1.2)
    i18n (0.5.0)
    log_buddy (0.5.0)
    mongo (1.5.2)
      bson (= 1.5.2)
    rake (0.9.2.2)
    rspec (2.4.0)
      rspec-core (~> 2.4.0)
      rspec-expectations (~> 2.4.0)
      rspec-mocks (~> 2.4.0)
    rspec-core (2.4.0)
    rspec-expectations (2.4.0)
      diff-lcs (~> 1.1.2)
    rspec-mocks (2.4.0)
    timecop (0.3.5)

PLATFORMS
  ruby

DEPENDENCIES
  activesupport (~> 3)
  adapter-mongo!
  bson_ext
  i18n (= 0.5.0)
  log_buddy (~> 0.5.0)
  rake
  rspec (~> 2.3)
  timecop (~> 0.3.5)
